GIT
  remote: git://github.com/Eventshare/screencap.git
  revision: 0478476c539d753644599f4f679ba0ab546f2f99
  specs:
    screencap (0.2.1)
      phantomjs

GEM
  remote: https://rubygems.org/
  specs:
    activesupport (5.0.2)
      concurrent-ruby (~> 1.0, >= 1.0.2)
      i18n (~> 0.7)
      minitest (~> 5.1)
      tzinfo (~> 1.1)
    beanstalk-client (1.1.1)
    clockwork (2.0.2)
      activesupport
      tzinfo
    concurrent-ruby (1.0.5)
    foreman (0.78.0)
      thor (~> 0.19.1)
    i18n (0.8.1)
    json_pure (2.0.3)
    mini_portile2 (2.1.0)
    minitest (5.10.1)
    nokogiri (1.7.0.1)
      mini_portile2 (~> 2.1.0)
    phantomjs (2.1.1.0)
    puma (2.11.2)
      rack (>= 1.1, < 2.0)
    rack (1.6.1)
    rack-protection (1.5.3)
      rack
    sinatra (1.4.6)
      rack (~> 1.4)
      rack-protection (~> 1.4)
      tilt (>= 1.3, < 3)
    stalker (0.9.0)
      beanstalk-client
      json_pure
    thor (0.19.1)
    thread_safe (0.3.6)
    tilt (2.0.1)
    tzinfo (1.2.3)
      thread_safe (~> 0.1)

PLATFORMS
  ruby

DEPENDENCIES
  clockwork
  foreman
  nokogiri
  puma
  screencap!
  sinatra
  stalker

RUBY VERSION
   ruby 2.2.6p396

BUNDLED WITH
   1.14.6
