GIT
  remote: git://github.com/Eventshare/screencap.git
  revision: 0478476c539d753644599f4f679ba0ab546f2f99
  specs:
    screencap (0.2.1)
      phantomjs

GEM
  remote: https://rubygems.org/
  specs:
    activesupport (5.0.2)
      concurrent-ruby (~> 1.0, >= 1.0.2)
      i18n (~> 0.7)
      minitest (~> 5.1)
      tzinfo (~> 1.1)
    aws-sdk (2.11.7)
      aws-sdk-resources (= 2.11.7)
    aws-sdk-core (2.11.7)
      aws-sigv4 (~> 1.0)
      jmespath (~> 1.0)
    aws-sdk-resources (2.11.7)
      aws-sdk-core (= 2.11.7)
    aws-sigv4 (1.0.2)
    clockwork (2.0.3)
      tzinfo
    concurrent-ruby (1.0.5)
    connection_pool (2.2.1)
    foreman (0.84.0)
      thor (~> 0.19.1)
    i18n (0.8.1)
    jmespath (1.3.1)
    mini_portile2 (2.3.0)
    minitest (5.10.1)
    nokogiri (1.8.2)
      mini_portile2 (~> 2.3.0)
    phantomjs (2.1.1.0)
    puma (2.16.0)
    rack (1.6.9)
    rack-protection (1.5.4)
      rack
    redis (3.3.5)
    sidekiq (4.2.10)
      concurrent-ruby (~> 1.0)
      connection_pool (~> 2.2, >= 2.2.0)
      rack-protection (>= 1.5.0)
      redis (~> 3.2, >= 3.2.1)
    sinatra (1.4.8)
      rack (~> 1.5)
      rack-protection (~> 1.4)
      tilt (>= 1.3, < 3)
    thor (0.19.4)
    thread_safe (0.3.6)
    tilt (2.0.8)
    tzinfo (1.2.5)
      thread_safe (~> 0.1)

PLATFORMS
  ruby

DEPENDENCIES
  activesupport (~> 5.0.2)
  aws-sdk (~> 2)
  clockwork (~> 2.0)
  foreman
  nokogiri (~> 1.8.1)
  puma (~> 2.11)
  redis (~> 3.3)
  screencap!
  sidekiq (~> 4.2)
  sinatra (~> 1.4)

RUBY VERSION
   ruby 2.2.6p396

BUNDLED WITH
   1.14.6
